PATH
  remote: .
  specs:
    tangocard (0.2.1)
      httparty (~> 0.11.0)
      money (~> 5.1.1)

GEM
  remote: https://rubygems.org/
  specs:
    diff-lcs (1.2.4)
    httparty (0.11.0)
      multi_json (~> 1.0)
      multi_xml (>= 0.5.2)
    i18n (0.6.5)
    money (5.1.1)
      i18n (~> 0.6.0)
    multi_json (1.8.0)
    multi_xml (0.5.5)
    rr (1.1.2)
    rspec (2.14.1)
      rspec-core (~> 2.14.0)
      rspec-expectations (~> 2.14.0)
      rspec-mocks (~> 2.14.0)
    rspec-core (2.14.5)
    rspec-expectations (2.14.2)
      diff-lcs (>= 1.1.3, < 2.0)
    rspec-mocks (2.14.3)

PLATFORMS
  ruby

DEPENDENCIES
  rr
  rspec
  tangocard!
