PATH
  remote: .
  specs:
    tangocard (3.0.0)
      httparty (~> 0.11)
      i18n (~> 0.6.11)
      money (~> 6.1)

GEM
  remote: https://rubygems.org/
  specs:
    diff-lcs (1.2.5)
    httparty (0.13.3)
      json (~> 1.8)
      multi_xml (>= 0.5.2)
    i18n (0.6.11)
    json (1.8.1)
    money (6.4.0)
      i18n (>= 0.6.4, <= 0.7.0.beta1)
    multi_xml (0.5.5)
    rr (0.10.11)
    rspec (2.14.1)
      rspec-core (~> 2.14.0)
      rspec-expectations (~> 2.14.0)
      rspec-mocks (~> 2.14.0)
    rspec-core (2.14.8)
    rspec-expectations (2.14.5)
      diff-lcs (>= 1.1.3, < 2.0)
    rspec-mocks (2.14.6)

PLATFORMS
  ruby

DEPENDENCIES
  rr (~> 0)
  rspec (~> 2.14.1)
  tangocard!
